GEM
  remote: http://rubygems.org/
  specs:
    colorize (0.5.8)
    grooveshark (0.2.2)
      json (>= 1.4.6)
      rest-client (>= 1.5.1)
    json (1.6.1)
    mime-types (1.16)
    rest-client (1.6.7)
      mime-types (>= 1.16)

PLATFORMS
  ruby

DEPENDENCIES
  colorize
  grooveshark
