PATH
  remote: .
  specs:
    spotify-to-mp3 (0.5.1)
      colorize
      grooveshark
      rest-client

GEM
  remote: https://rubygems.org/
  specs:
    colorize (0.5.8)
    diff-lcs (1.2.4)
    grooveshark (0.2.8)
      json (>= 1.4.6)
      rest-client (>= 1.5.1)
      uuid (~> 2.0)
    json (1.8.0)
    macaddr (1.6.1)
      systemu (~> 2.5.0)
    mime-types (1.23)
    rest-client (1.6.7)
      mime-types (>= 1.16)
    rspec (2.13.0)
      rspec-core (~> 2.13.0)
      rspec-expectations (~> 2.13.0)
      rspec-mocks (~> 2.13.0)
    rspec-core (2.13.1)
    rspec-expectations (2.13.0)
      diff-lcs (>= 1.1.3, < 2.0)
    rspec-mocks (2.13.1)
    systemu (2.5.2)
    uuid (2.3.7)
      macaddr (~> 1.0)

PLATFORMS
  ruby

DEPENDENCIES
  rspec
  spotify-to-mp3!
